GEM
  remote: http://rubygems.org/
  specs:
    creatary-sdk (1.4.1)
      json (~> 1.5)
      oauth (~> 0.4.3)
      sinatra (~> 1.2.1)
    json (1.6.6)
    oauth (0.4.6)
    rack (1.4.1)
    sinatra (1.2.8)
      rack (~> 1.1)
      tilt (>= 1.2.2, < 2.0)
    tilt (1.3.3)

PLATFORMS
  ruby

DEPENDENCIES
  creatary-sdk
  sinatra (~> 1.2.8)
